GEM
  remote: http://rubygems.org/
  specs:
    coffee-script (2.2.0)
      coffee-script-source
      execjs
    coffee-script-source (1.6.3)
    execjs (1.4.0)
      multi_json (~> 1.0)
    json (1.8.0)
    libv8 (3.11.8.17)
    mime-types (1.24)
    mini_portile (0.5.1)
    multi_json (1.7.9)
    mustermann (2.0.2)
      ruby2_keywords (~> 0.0.1)
    nokogiri (1.6.0)
      mini_portile (~> 0.5.0)
    rack (2.2.4)
    rack-protection (2.2.3)
      rack
    ref (1.0.5)
    rest-client (1.6.7)
      mime-types (>= 1.16)
    rest-core (2.1.2)
      rest-client
    rest-more (2.0.4)
      rest-core (>= 2.0.3)
    ruby2_keywords (0.0.5)
    sass (3.2.10)
    sinatra (2.2.3)
      mustermann (~> 2.0)
      rack (~> 2.2)
      rack-protection (= 2.2.3)
      tilt (~> 2.0)
    slim (2.0.1)
      temple (~> 0.6.6)
      tilt (>= 1.3.3, < 2.1)
    temple (0.6.6)
    therubyracer (0.11.4)
      libv8 (~> 3.11.8.12)
      ref
    tilt (2.0.11)

PLATFORMS
  ruby

DEPENDENCIES
  coffee-script (>= 2.2)
  execjs
  json (>= 1.3)
  nokogiri (>= 1.6.0)
  rest-core (>= 2.0.3)
  rest-more (>= 2.0.4)
  sass (>= 3.2)
  sinatra (>= 1.3.0)
  slim (>= 1.2)
  therubyracer
