GEM
  remote: http://rubygems.org/
  specs:
    coffee-script (2.2.0)
      coffee-script-source
      execjs
    coffee-script-source (1.6.3)
    domain_name (0.5.20190701)
      unf (>= 0.0.5, < 1.0.0)
    execjs (1.4.0)
      multi_json (~> 1.0)
    http-accept (1.7.0)
    http-cookie (1.0.3)
      domain_name (~> 0.5)
    json (1.8.0)
    libv8 (3.11.8.17)
    mime-types (3.3)
      mime-types-data (~> 3.2015)
    mime-types-data (3.2019.1009)
    mini_portile (0.5.1)
    multi_json (1.7.9)
    netrc (0.11.0)
    nokogiri (1.6.0)
      mini_portile (~> 0.5.0)
    rack (1.5.2)
    rack-protection (1.5.0)
      rack
    ref (1.0.5)
    rest-client (2.1.0)
      http-accept (>= 1.7.0, < 2.0)
      http-cookie (>= 1.0.2, < 2.0)
      mime-types (>= 1.16, < 4.0)
      netrc (~> 0.8)
    rest-core (2.1.2)
      rest-client
    rest-more (2.0.4)
      rest-core (>= 2.0.3)
    sass (3.2.10)
    sinatra (1.4.3)
      rack (~> 1.4)
      rack-protection (~> 1.4)
      tilt (~> 1.3, >= 1.3.4)
    slim (2.0.1)
      temple (~> 0.6.6)
      tilt (>= 1.3.3, < 2.1)
    temple (0.6.6)
    therubyracer (0.11.4)
      libv8 (~> 3.11.8.12)
      ref
    tilt (1.4.1)
    unf (0.1.4)
      unf_ext
    unf_ext (0.0.7.6)

PLATFORMS
  ruby

DEPENDENCIES
  coffee-script (>= 2.2)
  execjs
  json (>= 1.3)
  nokogiri (>= 1.6.0)
  rest-core (>= 2.0.3)
  rest-more (>= 2.0.4)
  sass (>= 3.2)
  sinatra (>= 1.3.0)
  slim (>= 1.2)
  therubyracer
