GEM
  remote: http://rubygems.org/
  specs:
    coffee-script (2.2.0)
      coffee-script-source
      execjs
    coffee-script-source (1.2.0)
    execjs (1.3.0)
      multi_json (~> 1.0)
    json (1.7.3)
    libv8 (3.3.10.4)
    mime-types (1.19)
    multi_json (1.0.4)
    nokogiri (1.5.5)
    rack (1.4.1)
    rack-protection (1.2.0)
      rack
    rest-client (1.6.7)
      mime-types (>= 1.16)
    rest-core (1.0.2)
      rest-client
    rest-more (1.0.2)
      rest-core (>= 1.0.0)
    sass (3.1.20)
    sinatra (1.3.2)
      rack (~> 1.3, >= 1.3.6)
      rack-protection (~> 1.2)
      tilt (~> 1.3, >= 1.3.3)
    slim (1.2.2)
      temple (~> 0.4.0)
      tilt (~> 1.3.3)
    temple (0.4.0)
    therubyracer (0.10.1)
      libv8 (~> 3.3.10)
    tilt (1.3.3)

PLATFORMS
  ruby

DEPENDENCIES
  coffee-script (>= 2.2)
  execjs
  json (>= 1.3)
  nokogiri (>= 1.5.0)
  rest-core (>= 1.0.0, < 2.0)
  rest-more (>= 1.0.0, < 2.0)
  sass (>= 3.1)
  sinatra (>= 1.3.0)
  slim (>= 1.2)
  therubyracer
