GEM
  remote: http://rubygems.org/
  specs:
    haml (3.1.6)
    json (1.7.3)
    mime-types (1.19)
    nokogiri (1.5.5)
    rack (1.4.1)
    rack-protection (1.2.0)
      rack
    rest-client (1.6.7)
      mime-types (>= 1.16)
    rest-core (1.0.2)
      rest-client
    rest-more (1.0.2)
      rest-core (>= 1.0.0)
    sass (3.1.20)
    sinatra (1.3.2)
      rack (~> 1.3, >= 1.3.6)
      rack-protection (~> 1.2)
      tilt (~> 1.3, >= 1.3.3)
    tilt (1.3.3)

PLATFORMS
  ruby

DEPENDENCIES
  haml (>= 3.1)
  json (>= 1.3)
  nokogiri (>= 1.5.0)
  rest-core (>= 1.0.0, < 2.0)
  rest-more (>= 1.0.0, < 2.0)
  sass (>= 3.1)
  sinatra (>= 1.3.0)
